GIT
  remote: https://github.com/faker-ruby/faker.git
  revision: 179ff348e3eb14cdabb17fcbad4c0f22e502a321
  branch: master
  specs:
    faker (2.9.0)
      i18n (>= 1.6, < 1.8)

GEM
  remote: https://rubygems.org/
  specs:
    ansi (1.5.0)
    bindata (2.4.4)
    builder (3.2.4)
    concurrent-ruby (1.1.5)
    i18n (1.7.0)
      concurrent-ruby (~> 1.0)
    minitest (5.8.3)
    minitest-reporters (1.4.2)
      ansi
      builder
      minitest (>= 5.0)
      ruby-progressbar
    ruby-progressbar (1.10.1)
    spicy-proton (2.1.4)
      bindata (~> 2.3)

PLATFORMS
  ruby

DEPENDENCIES
  faker!
  minitest
  minitest-reporters
  spicy-proton

BUNDLED WITH
   1.17.1
